GIT
  remote: git://github.com/RestKit/RestKit-Gem.git
  revision: 96058139a46c46aa344c1481e8c75b390c82d5e9
  specs:
    restkit (0.0.0)

GIT
  remote: git://github.com/rayh/xcoder.git
  revision: e400000f29d959932cae2558fc77fd9ace13ead0
  specs:
    xcoder (0.1.12)
      builder
      json
      nokogiri
      plist
      rest-client

GIT
  remote: git://github.com/sinatra/sinatra.git
  revision: d1e72d30b4a7572922781543cf8d12e9a0cb6710
  specs:
    sinatra (1.4.0)
      rack (~> 1.3, >= 1.3.6)
      rack-protection (~> 1.2)
      tilt (~> 1.3, >= 1.3.3)

GIT
  remote: https://github.com/assaf/rack-oauth2-server.git
  revision: 1e5a4e0f3c9408b2ed6374bee3e684d2ab993c48
  specs:
    rack-oauth2-server (2.8.0)
      bson_ext
      json
      jwt (~> 0.1.4)
      mongo (~> 1)
      rack (~> 1.1)
      sinatra (~> 1.1)

GIT
  remote: https://github.com/laserlemon/simple_oauth.git
  revision: 18065a7bf55f33a76b05cdd03019ef6cdb3fec11
  specs:
    simple_oauth (0.1.9)

GEM
  remote: http://rubygems.org/
  specs:
    bson (1.6.4)
    bson_ext (1.6.4)
      bson (~> 1.6.4)
    builder (3.0.0)
    columnize (0.3.6)
    daemons (1.1.9)
    debugger (1.2.0)
      columnize (>= 0.3.1)
      debugger-linecache (~> 1.1.1)
      debugger-ruby_core_source (~> 1.1.3)
    debugger-linecache (1.1.2)
      debugger-ruby_core_source (>= 1.1.1)
    debugger-ruby_core_source (1.1.3)
    diff-lcs (1.1.3)
    eventmachine (0.12.10)
    faker (1.0.1)
      i18n (~> 0.4)
    i18n (0.6.0)
    json (1.7.4)
    jwt (0.1.5)
      multi_json (>= 1.0)
    mime-types (1.19)
    mongo (1.6.4)
      bson (~> 1.6.4)
    multi_json (1.3.6)
    nokogiri (1.5.5)
    plist (3.1.0)
    rack (1.4.1)
    rack-protection (1.2.0)
      rack
    rack-test (0.6.1)
      rack (>= 1.0)
    rake (0.9.2.2)
    rest-client (1.6.7)
      mime-types (>= 1.16)
    rspec (2.11.0)
      rspec-core (~> 2.11.0)
      rspec-expectations (~> 2.11.0)
      rspec-mocks (~> 2.11.0)
    rspec-core (2.11.1)
    rspec-expectations (2.11.2)
      diff-lcs (~> 1.1.3)
    rspec-mocks (2.11.2)
    thin (1.3.1)
      daemons (>= 1.0.9)
      eventmachine (>= 0.12.6)
      rack (>= 1.0.0)
    tilt (1.3.3)

PLATFORMS
  ruby

DEPENDENCIES
  bundler (~> 1.1.0)
  debugger (= 1.2.0)
  faker (= 1.0.1)
  mongo
  rack-oauth2-server!
  rack-test
  rake (~> 0.9.0)
  restkit!
  rspec
  simple_oauth!
  sinatra!
  thin (~> 1.3.1)
  xcoder!
